GEM
  remote: https://rubygems.org/
  specs:
    json (1.8.1)
    mini_portile (0.5.2)
    nokogiri (1.6.1)
      mini_portile (~> 0.5.0)
    reverse_markdown (0.4.7)
      nokogiri

PLATFORMS
  ruby

DEPENDENCIES
  json
  nokogiri
  reverse_markdown
